PATH
  remote: .
  specs:
    activerecord-pull-alpha (0.1.1)

GEM
  remote: https://rubygems.org/
  specs:
    diff-lcs (1.3)
    rake (13.0.1)
    rspec (3.9.0)
      rspec-core (~> 3.9.0)
      rspec-expectations (~> 3.9.0)
      rspec-mocks (~> 3.9.0)
    rspec-core (3.9.1)
      rspec-support (~> 3.9.1)
    rspec-expectations (3.9.0)
      diff-lcs (>= 1.2.0, < 2.0)
      rspec-support (~> 3.9.0)
    rspec-mocks (3.9.1)
      diff-lcs (>= 1.2.0, < 2.0)
      rspec-support (~> 3.9.0)
    rspec-support (3.9.2)

PLATFORMS
  ruby

DEPENDENCIES
  activerecord-pull-alpha!
  bundler (~> 1.17)
  rake (~> 13.0)
  rspec (~> 3.0)

BUNDLED WITH
   1.17.3
